GEM
  remote: https://rubygems.org/
  specs:
    activemodel (3.2.12)
      activesupport (= 3.2.12)
      builder (~> 3.0.0)
    activesupport (3.2.12)
      i18n (~> 0.6)
      multi_json (~> 1.0)
    addressable (2.3.2)
    autoparse (0.3.2)
      addressable (>= 2.3.1)
      extlib (>= 0.9.15)
      multi_json (>= 1.0.0)
    bson (1.8.2)
    bson_ext (1.8.2)
      bson (~> 1.8.2)
    builder (3.0.4)
    extlib (0.9.16)
    faraday (0.8.5)
      multipart-post (~> 1.1)
    google-api-client (0.6.2)
      addressable (>= 2.3.2)
      autoparse (>= 0.3.2)
      extlib (>= 0.9.15)
      faraday (~> 0.8.4)
      jwt (>= 0.1.5)
      launchy (>= 2.1.1)
      multi_json (>= 1.0.0)
      signet (>= 0.4.4)
      uuidtools (>= 2.1.0)
    i18n (0.6.1)
    jwt (0.1.5)
      multi_json (>= 1.0)
    launchy (2.2.0)
      addressable (~> 2.3)
    mongo (1.8.2)
      bson (~> 1.8.2)
    mongoid (3.1.1)
      activemodel (~> 3.2)
      moped (~> 1.4.2)
      origin (~> 1.0)
      tzinfo (~> 0.3.22)
    moped (1.4.2)
    multi_json (1.6.1)
    multipart-post (1.1.5)
    nokogiri (1.5.6)
    origin (1.0.11)
    signet (0.4.5)
      addressable (>= 2.2.3)
      faraday (~> 0.8.1)
      jwt (>= 0.1.5)
      multi_json (>= 1.0.0)
    tzinfo (0.3.35)
    uuidtools (2.1.3)

PLATFORMS
  ruby

DEPENDENCIES
  bson_ext
  google-api-client
  mongo
  mongoid
  nokogiri
